GEM
  remote: http://rubygems.org/
  specs:
    builder (3.2.2)
    ci_reporter (1.9.0)
      builder (>= 2.1.2)
    multi_json (1.8.0)
    rake (0.9.2)
    simplecov (0.7.1)
      multi_json (~> 1.0)
      simplecov-html (~> 0.7.1)
    simplecov-csv (0.1.3)
      simplecov
    simplecov-html (0.7.1)

PLATFORMS
  ruby

DEPENDENCIES
  ci_reporter
  rake
  simplecov
  simplecov-csv
